GEM
  remote: https://rubygems.org/
  specs:
    hpricot (0.8.6)
    html2slim (0.2.0)
      hpricot
    multi_json (1.14.1)
    mustermann (2.0.2)
      ruby2_keywords (~> 0.0.1)
    nio4r (2.5.2)
    puma (4.3.3)
      nio4r (~> 2.0)
    rack (2.2.4)
    rack-protection (2.2.3)
      rack
    ruby2_keywords (0.0.5)
    sinatra (2.2.3)
      mustermann (~> 2.0)
      rack (~> 2.2)
      rack-protection (= 2.2.3)
      tilt (~> 2.0)
    sinatra-contrib (2.2.3)
      multi_json
      mustermann (~> 2.0)
      rack-protection (= 2.2.3)
      sinatra (= 2.2.3)
      tilt (~> 2.0)
    tilt (2.0.11)

PLATFORMS
  ruby

DEPENDENCIES
  html2slim (~> 0.2.0)
  puma (~> 4.3, >= 4.3.3)
  sinatra (~> 2.2)
  sinatra-contrib

RUBY VERSION
   ruby 2.6.5p114

BUNDLED WITH
   2.1.4
